GEM
  remote: https://rubygems.org/
  specs:
    activesupport (4.2.6)
      i18n (~> 0.7)
      json (~> 1.7, >= 1.7.7)
      minitest (~> 5.1)
      thread_safe (~> 0.3, >= 0.3.4)
      tzinfo (~> 1.1)
    addressable (2.3.8)
    backports (3.6.8)
    bond (0.5.1)
    coffee-script (2.4.1)
      coffee-script-source
      execjs
    coffee-script-source (1.10.0)
    colorator (0.1)
    colored (1.2)
    concurrent-ruby (1.0.1)
    configure-s3-website (1.7.1)
      deep_merge (= 1.0.0)
    deep_merge (1.0.0)
    dotenv (1.0.2)
    execjs (2.6.0)
    fastimage (1.9.0)
      addressable (~> 2.3.5)
    ffi (1.9.10)
    i18n (0.7.0)
    jekyll (3.1.2)
      colorator (~> 0.1)
      jekyll-sass-converter (~> 1.0)
      jekyll-watch (~> 1.1)
      kramdown (~> 1.3)
      liquid (~> 3.0)
      mercenary (~> 0.3.3)
      rouge (~> 1.7)
      safe_yaml (~> 1.0)
    jekyll-assets (2.1.2)
      fastimage (~> 1.8)
      jekyll (~> 3.0)
      sprockets (~> 3.3)
      sprockets-helpers (~> 1.2)
      tilt (~> 2.0)
    jekyll-paginate (1.1.0)
    jekyll-sass-converter (1.4.0)
      sass (~> 3.4)
    jekyll-sitemap (0.10.0)
    jekyll-watch (1.3.1)
      listen (~> 3.0)
    json (1.8.3)
    kramdown (1.10.0)
    libv8 (3.16.14.13)
    liquid (3.0.6)
    listen (3.0.6)
      rb-fsevent (>= 0.9.3)
      rb-inotify (>= 0.9.7)
    maruku (0.7.2)
    mercenary (0.3.5)
    minitest (5.8.4)
    multi_json (1.11.2)
    posix-spawn (0.3.11)
    puma (3.1.0)
    pygments.rb (0.6.3)
      posix-spawn (~> 0.3.6)
      yajl-ruby (~> 1.2.0)
    rack (1.6.4)
    rack-protection (1.5.3)
      rack
    rack-test (0.6.3)
      rack (>= 1.0)
    rake (11.1.1)
    rb-fsevent (0.9.7)
    rb-inotify (0.9.7)
      ffi (>= 0.5.0)
    redcarpet (3.3.4)
    ref (2.0.0)
    ripl (0.7.1)
      bond (~> 0.5.1)
    ripl-multi_line (0.3.1)
      ripl (>= 0.3.6)
    ripl-rack (0.2.1)
      rack (>= 1.0)
      rack-test (~> 0.6.2)
      ripl (>= 0.7.0)
    rouge (1.10.1)
    s3_website (2.12.3)
      colored (= 1.2)
      configure-s3-website (= 1.7.1)
      dotenv (~> 1.0)
      thor (~> 0.18)
    safe_yaml (1.0.4)
    sass (3.4.21)
    sinatra (1.4.7)
      rack (~> 1.5)
      rack-protection (~> 1.4)
      tilt (>= 1.3, < 3)
    sinatra-contrib (1.4.6)
      backports (>= 2.0)
      multi_json
      rack-protection
      rack-test
      sinatra (~> 1.4.0)
      tilt (>= 1.3, < 3)
    sprockets (3.5.2)
      concurrent-ruby (~> 1.0)
      rack (> 1, < 3)
    sprockets-helpers (1.2.1)
      sprockets (>= 2.2)
    syck (1.0.5)
    therubyracer (0.12.2)
      libv8 (~> 3.16.14.0)
      ref
    thor (0.19.1)
    thread_safe (0.3.5)
    tilt (2.0.2)
    tux (0.3.0)
      ripl (>= 0.3.5)
      ripl-multi_line (>= 0.2.4)
      ripl-rack (>= 0.2.0)
      sinatra (>= 1.2.1)
    tzinfo (1.2.2)
      thread_safe (~> 0.1)
    uglifier (2.7.2)
      execjs (>= 0.3.0)
      json (>= 1.8.0)
    yajl-ruby (1.2.1)
    yui-compressor (0.12.0)

PLATFORMS
  ruby

DEPENDENCIES
  activesupport
  coffee-script
  jekyll (~> 3.1.2)
  jekyll-assets
  jekyll-paginate
  jekyll-sitemap
  maruku
  puma
  pygments.rb
  rake
  rb-fsevent (~> 0.9)
  redcarpet
  s3_website
  sass
  sinatra
  sinatra-contrib
  syck (~> 1.0, >= 1.0.5)
  therubyracer
  tux
  uglifier
  yui-compressor

BUNDLED WITH
   1.11.2
